GEM
  remote: https://rubygems.org/
  specs:
    daemons (1.2.6)
    eventmachine (1.2.7-x64-mingw32)
    httpclient (2.8.3)
    json (2.1.0)
    mustermann (1.0.2)
    mysql2 (0.5.1-x64-mingw32)
    rack (2.0.5)
    rack-protection (2.0.1)
      rack
    sequel (5.8.0)
    sinatra (2.0.1)
      mustermann (~> 1.0)
      rack (~> 2.0)
      rack-protection (= 2.0.1)
      tilt (~> 2.0)
    thin (1.7.2)
      daemons (~> 1.0, >= 1.0.9)
      eventmachine (~> 1.0, >= 1.0.4)
      rack (>= 1, < 3)
    tilt (2.0.8)

PLATFORMS
  x64-mingw32

DEPENDENCIES
  httpclient (>= 2.8.3)
  json (>= 2.0.2)
  mysql2 (>= 0.4.7)
  sequel (>= 4.48.0)
  sinatra (>= 2.0.0)
  thin (>= 1.7.1)

BUNDLED WITH
   1.16.1
